GEM
  remote: https://rubygems.org/
  specs:
    mini_portile2 (2.5.3)
    nokogiri (1.11.3)
      mini_portile2 (~> 2.5.0)
      racc (~> 1.4)
    nokogiri (1.11.3-arm64-darwin)
      racc (~> 1.4)
    racc (1.6.0)

PLATFORMS
  aarch64-linux
  arm64-darwin-21

DEPENDENCIES
  nokogiri (= 1.11.3)

BUNDLED WITH
   2.3.7
