GEM
  remote: https://rubygems.org/
  specs:
    mini_portile2 (2.6.1)
    nokogiri (1.12.5)
      mini_portile2 (~> 2.6.1)
      racc (~> 1.4)
    nokogiri (1.12.5-arm64-darwin)
      racc (~> 1.4)
    racc (1.6.0)

PLATFORMS
  aarch64-linux
  arm64-darwin-21

DEPENDENCIES
  nokogiri (= 1.12.5)

BUNDLED WITH
   2.3.7
