GEM
  remote: https://rubygems.org/
  specs:
    nokogiri (1.13.6-aarch64-linux)
      racc (~> 1.4)
    nokogiri (1.13.6-arm64-darwin)
      racc (~> 1.4)
    racc (1.6.0)

PLATFORMS
  aarch64-linux
  arm64-darwin-21

DEPENDENCIES
  nokogiri (= 1.13.6)

BUNDLED WITH
   2.3.7
